GEM
  remote: https://rubygems.org/
  specs:
    coffee-script (2.2.0)
      coffee-script-source
      execjs
    coffee-script-source (1.6.1)
    columnize (0.3.6)
    debugger (1.4.0)
      columnize (>= 0.3.1)
      debugger-linecache (~> 1.1.1)
      debugger-ruby_core_source (~> 1.2.0)
    debugger-linecache (1.1.2)
      debugger-ruby_core_source (>= 1.1.1)
    debugger-ruby_core_source (1.2.0)
    diff-lcs (1.2.1)
    execjs (1.4.0)
      multi_json (~> 1.0)
    haml (4.0.0)
      tilt
    hashie (2.0.2)
    httmultiparty (0.3.8)
      httparty (>= 0.7.3)
      multipart-post
    httparty (0.10.2)
      multi_json (~> 1.0)
      multi_xml (>= 0.5.2)
    jsmin (1.0.1)
    mono_logger (1.0.0)
    multi_json (1.6.1)
    multi_xml (0.5.3)
    multipart-post (1.2.0)
    rack (1.5.2)
    rack-protection (1.5.0)
      rack
    rack-test (0.6.2)
      rack (>= 1.0)
    rake (10.0.3)
    redis (3.0.3)
    redis-namespace (1.2.1)
      redis (~> 3.0.0)
    redis-objects (0.7.0)
      redis (>= 3.0.2)
    resque (1.24.1)
      mono_logger (~> 1.0)
      multi_json (~> 1.0)
      redis-namespace (~> 1.2)
      sinatra (>= 0.9.2)
      vegas (~> 0.1.2)
    rspec (2.13.0)
      rspec-core (~> 2.13.0)
      rspec-expectations (~> 2.13.0)
      rspec-mocks (~> 2.13.0)
    rspec-core (2.13.1)
    rspec-expectations (2.13.0)
      diff-lcs (>= 1.1.3, < 2.0)
    rspec-mocks (2.13.0)
    sass (3.2.7)
    shotgun (0.9)
      rack (>= 1.0)
    sinatra (1.4.2)
      rack (~> 1.5, >= 1.5.2)
      rack-protection (~> 1.4)
      tilt (~> 1.3, >= 1.3.4)
    sinatra-assetpack (0.1.7)
      jsmin
      rack-test
      sinatra
      tilt (>= 1.3.0)
    soundcloud (0.3.1)
      hashie
      httmultiparty (>= 0.3)
      httparty (>= 0.7.3)
    tilt (1.3.6)
    vegas (0.1.11)
      rack (>= 1.0.0)

PLATFORMS
  ruby

DEPENDENCIES
  coffee-script
  debugger
  haml
  rake
  redis-objects
  resque (~> 1.0)
  rspec
  sass
  shotgun
  sinatra
  sinatra-assetpack
  soundcloud
